GEM
  remote: https://rubygems.org/
  specs:
    coderay (1.1.3)
    method_source (1.0.0)
    pry (0.14.2)
      coderay (~> 1.1)
      method_source (~> 1.0)
    rake (13.0.6)

PLATFORMS
  x86_64-linux

DEPENDENCIES
  pry
  rake

BUNDLED WITH
   2.3.12
